STORAGE: NONE
RESTRICTION: == netstandard2.0
NUGET
  remote: https://www.nuget.org/api/v2
    Fable.Core (2.0.3)
      FSharp.Core (>= 4.5.2)
    Fable.Import.Browser (1.3)
      Fable.Core (>= 1.3.17)
    Fable.Import.Node (0.4.3)
      Fable.Core (>= 1.3.8)
    Fable.Promise (1.1)
      Fable.Core (>= 2.0.2)
      FSharp.Core (>= 4.5.2)
    FSharp.Core (4.6.2) - redirects: force
GITHUB
  remote: ionide/ionide-vscode-helpers
    src/Fable.Import.Axios.fs (a21ef6964d5f530b26b94971c9e9bb1fd1b24b18)
    src/Fable.Import.VSCode.fs (a21ef6964d5f530b26b94971c9e9bb1fd1b24b18)
    src/Fable.Import.ws.fs (a21ef6964d5f530b26b94971c9e9bb1fd1b24b18)
    src/Helpers.fs (a21ef6964d5f530b26b94971c9e9bb1fd1b24b18)